GEM
  remote: http://rubygems.org/
  specs:
    addressable (2.2.8)
    builder (3.1.3)
    data_objects (0.10.9)
      addressable (~> 2.1)
    dm-core (1.2.0)
      addressable (~> 2.2.6)
    dm-do-adapter (1.2.0)
      data_objects (~> 0.10.6)
      dm-core (~> 1.2.0)
    dm-migrations (1.2.0)
      dm-core (~> 1.2.0)
    dm-postgres-adapter (1.2.0)
      dm-do-adapter (~> 1.2.0)
      do_postgres (~> 0.10.6)
    dm-sqlite-adapter (1.2.0)
      dm-do-adapter (~> 1.2.0)
      do_sqlite3 (~> 0.10.6)
    do_postgres (0.10.9)
      data_objects (= 0.10.9)
    do_sqlite3 (0.10.9)
      data_objects (= 0.10.9)
    ims-lti (1.1.2)
      builder
      oauth (~> 0.4.5)
      uuid
    json (1.5.1)
    macaddr (1.6.1)
      systemu (~> 2.5.0)
    nokogiri (1.5.5)
    oauth (0.4.5)
    rack (1.4.1)
    rack-protection (1.2.0)
      rack
    sinatra (1.3.1)
      rack (~> 1.3, >= 1.3.4)
      rack-protection (~> 1.1, >= 1.1.2)
      tilt (~> 1.3, >= 1.3.3)
    systemu (2.5.2)
    tilt (1.3.3)
    uuid (2.3.5)
      macaddr (~> 1.0)

PLATFORMS
  ruby

DEPENDENCIES
  dm-core
  dm-migrations
  dm-postgres-adapter
  dm-sqlite-adapter
  ims-lti
  json (= 1.5.1)
  nokogiri
  oauth (= 0.4.5)
  sinatra (= 1.3.1)
